GEM
  remote: http://rubygems.org/
  specs:
    colored (1.2)
    execjs (1.4.0)
      multi_json (~> 1.0)
    libv8 (3.3.10.4)
    multi_json (1.3.7)
    therubyracer (0.10.2)
      libv8 (~> 3.3.10)
    uglifier (1.3.0)
      execjs (>= 0.3.0)
      multi_json (~> 1.0, >= 1.0.2)

PLATFORMS
  ruby

DEPENDENCIES
  colored
  therubyracer
  uglifier
